GEM
  remote: https://rubygems.org/
  specs:
    coderay (1.1.2)
    fuzzy_match (2.1.0)
    method_source (0.9.0)
    pry (0.11.3)
      coderay (~> 1.1.0)
      method_source (~> 0.9.0)
    rwordnet (2.0.0)

PLATFORMS
  ruby

DEPENDENCIES
  fuzzy_match
  pry
  rwordnet

BUNDLED WITH
   1.16.3
